GEM
  remote: http://rubygems.org/
  specs:
    backports (3.6.6)
    daemons (1.2.3)
    eventmachine (1.0.8)
    hash_validator (0.4.0)
    minitest (4.7.5)
    multi_json (1.11.2)
    pdfkit (0.8.2)
    rack (1.6.4)
    rack-protection (1.5.3)
      rack
    rack-test (0.6.3)
      rack (>= 1.0)
    sinatra (1.4.6)
      rack (~> 1.4)
      rack-protection (~> 1.4)
      tilt (>= 1.3, < 3)
    sinatra-contrib (1.4.6)
      backports (>= 2.0)
      multi_json
      rack-protection
      rack-test
      sinatra (~> 1.4.0)
      tilt (>= 1.3, < 3)
    thin (1.6.4)
      daemons (~> 1.0, >= 1.0.9)
      eventmachine (~> 1.0, >= 1.0.4)
      rack (~> 1.0)
    tilt (2.0.1)
    wkhtmltopdf-binary (0.9.9.3)

PLATFORMS
  ruby

DEPENDENCIES
  hash_validator
  minitest
  pdfkit
  sinatra
  sinatra-contrib
  thin
  wkhtmltopdf-binary

BUNDLED WITH
   1.10.4
